GIT
  remote: git://github.com/ctran/annotate_models.git
  revision: 56abbaa3eb5e41a3b236f782c0bb2a49dc3d36f1
  specs:
    annotate (2.7.0)
      activerecord (>= 3.2, < 6.0)
      rake (~> 10.4)

GIT
  remote: git://github.com/sferik/rails_admin.git
  revision: 355dc80f8a201ad5c09445c9b26fec51aa2180db
  specs:
    rails_admin (0.8.1)
      builder (~> 3.1)
      coffee-rails (~> 4.0)
      font-awesome-rails (>= 3.0, < 5)
      haml (~> 4.0)
      jquery-rails (>= 3.0, < 5)
      jquery-ui-rails (~> 5.0)
      kaminari (~> 0.14)
      nested_form (~> 0.3)
      rack-pjax (~> 0.7)
      rails (>= 4.0, < 6)
      remotipart (~> 1.0)
      safe_yaml (~> 1.0)
      sass-rails (>= 4.0, < 6)

GIT
  remote: git://github.com/tanordheim/currency_select.git
  revision: 9ccba4de588198fcc14e6297301d0a66dd3de995
  specs:
    currency_select (0.1.5)
      money

GIT
  remote: git://github.com/wiseallie/rails_admin_has_many_nested.git
  revision: 4dc595759047e96b91143746870f150bd5238a5d
  specs:
    rails_admin_has_many_nested (0.0.8)
      rails (>= 4.0.0)
      rails_admin (>= 0.6.0)
      remotipart (~> 1.2.1)

GIT
  remote: git://github.com/xronos-i-am/rails_admin_authorized_fields.git
  revision: f23723df7d4f96c545d656b94fb81651ce7671d8
  specs:
    rails_admin_authorized_fields (1.2.0)
      rails_admin

GEM
  remote: https://rubygems.org/
  specs:
    CFPropertyList (2.3.2)
    actionmailer (4.2.5)
      actionpack (= 4.2.5)
      actionview (= 4.2.5)
      activejob (= 4.2.5)
      mail (~> 2.5, >= 2.5.4)
      rails-dom-testing (~> 1.0, >= 1.0.5)
    actionpack (4.2.5)
      actionview (= 4.2.5)
      activesupport (= 4.2.5)
      rack (~> 1.6)
      rack-test (~> 0.6.2)
      rails-dom-testing (~> 1.0, >= 1.0.5)
      rails-html-sanitizer (~> 1.0, >= 1.0.2)
    actionview (4.2.5)
      activesupport (= 4.2.5)
      builder (~> 3.1)
      erubis (~> 2.7.0)
      rails-dom-testing (~> 1.0, >= 1.0.5)
      rails-html-sanitizer (~> 1.0, >= 1.0.2)
    active_record_union (1.1.1)
      activerecord (>= 4.0)
    activejob (4.2.5)
      activesupport (= 4.2.5)
      globalid (>= 0.3.0)
    activemodel (4.2.5)
      activesupport (= 4.2.5)
      builder (~> 3.1)
    activerecord (4.2.5)
      activemodel (= 4.2.5)
      activesupport (= 4.2.5)
      arel (~> 6.0)
    activesupport (4.2.5)
      i18n (~> 0.7)
      json (~> 1.7, >= 1.7.7)
      minitest (~> 5.1)
      thread_safe (~> 0.3, >= 0.3.4)
      tzinfo (~> 1.1)
    addressable (2.4.0)
    ar-uuid (0.1.2)
      activerecord
    arel (6.0.3)
    ast (2.2.0)
    autoprefixer-rails (6.2.3)
      execjs
      json
    awesome_print (1.6.1)
    bcrypt (3.1.10)
    better_errors (2.1.1)
      coderay (>= 1.0.0)
      erubis (>= 2.6.6)
      rack (>= 0.9.0)
    binding_of_caller (0.7.2)
      debug_inspector (>= 0.0.1)
    bootstrap-sass (3.3.6)
      autoprefixer-rails (>= 5.2.1)
      sass (>= 3.3.4)
    bootstrap-wysihtml5-rails (0.3.3.8)
      railties (>= 3.0)
    builder (3.2.2)
    byebug (8.2.1)
    capybara (2.6.0)
      addressable
      mime-types (>= 1.16)
      nokogiri (>= 1.3.3)
      rack (>= 1.0.0)
      rack-test (>= 0.5.4)
      xpath (~> 2.0)
    carrierwave (0.10.0)
      activemodel (>= 3.2.0)
      activesupport (>= 3.2.0)
      json (>= 1.7)
      mime-types (>= 1.16)
    childprocess (0.5.9)
      ffi (~> 1.0, >= 1.0.11)
    coderay (1.1.0)
    coffee-rails (4.1.1)
      coffee-script (>= 2.2.0)
      railties (>= 4.0.0, < 5.1.x)
    coffee-script (2.4.1)
      coffee-script-source
      execjs
    coffee-script-source (1.10.0)
    concurrent-ruby (1.0.1)
    config (1.0.0)
      activesupport (>= 3.0)
      deep_merge (~> 1.0.0)
    connection_pool (2.2.0)
    daemons (1.2.3)
    database_cleaner (1.5.1)
    debug_inspector (0.0.2)
    deep_merge (1.0.1)
    devise (3.5.5)
      bcrypt (~> 3.0)
      orm_adapter (~> 0.1)
      railties (>= 3.2.6, < 5)
      responders
      thread_safe (~> 0.1)
      warden (~> 1.2.3)
    devise-async (0.10.1)
      devise (~> 3.2)
    devise-doorkeeper (1.1.1)
      devise
      doorkeeper
      rails
    devise-encryptable (0.2.0)
      devise (>= 2.1.0)
    diff-lcs (1.2.5)
    diffy (3.1.0)
    doorkeeper (3.1.0)
      railties (>= 3.2)
    doorkeeper-jwt (0.1.4)
      jwt (~> 1.4, >= 1.4.1)
    enumerize (1.1.0)
      activesupport (>= 3.2)
    erubis (2.7.0)
    eventmachine (1.0.9.1)
    excon (0.45.4)
    execjs (2.6.0)
    factory_girl (4.5.0)
      activesupport (>= 3.0.0)
    factory_girl_rails (4.5.0)
      factory_girl (~> 4.5.0)
      railties (>= 3.0.0)
    faker (1.6.1)
      i18n (~> 0.5)
    ffi (1.9.10)
    fission (0.5.0)
      CFPropertyList (~> 2.2)
    fog (1.31.0)
      fog-atmos
      fog-aws (~> 0.0)
      fog-brightbox (~> 0.4)
      fog-core (~> 1.30)
      fog-ecloud
      fog-google (>= 0.0.2)
      fog-json
      fog-local
      fog-powerdns (>= 0.1.1)
      fog-profitbricks
      fog-radosgw (>= 0.0.2)
      fog-riakcs
      fog-sakuracloud (>= 0.0.4)
      fog-serverlove
      fog-softlayer
      fog-storm_on_demand
      fog-terremark
      fog-vmfusion
      fog-voxel
      fog-xml (~> 0.1.1)
      ipaddress (~> 0.5)
      nokogiri (~> 1.5, >= 1.5.11)
    fog-atmos (0.1.0)
      fog-core
      fog-xml
    fog-aws (0.7.6)
      fog-core (~> 1.27)
      fog-json (~> 1.0)
      fog-xml (~> 0.1)
      ipaddress (~> 0.8)
    fog-brightbox (0.10.1)
      fog-core (~> 1.22)
      fog-json
      inflecto (~> 0.0.2)
    fog-core (1.35.0)
      builder
      excon (~> 0.45)
      formatador (~> 0.2)
    fog-ecloud (0.3.0)
      fog-core
      fog-xml
    fog-google (0.1.1)
      fog-core
      fog-json
      fog-xml
    fog-json (1.0.2)
      fog-core (~> 1.0)
      multi_json (~> 1.10)
    fog-local (0.2.1)
      fog-core (~> 1.27)
    fog-powerdns (0.1.1)
      fog-core (~> 1.27)
      fog-json (~> 1.0)
      fog-xml (~> 0.1)
    fog-profitbricks (0.0.5)
      fog-core
      fog-xml
      nokogiri
    fog-radosgw (0.0.4)
      fog-core (>= 1.21.0)
      fog-json
      fog-xml (>= 0.0.1)
    fog-riakcs (0.1.0)
      fog-core
      fog-json
      fog-xml
    fog-sakuracloud (1.7.5)
      fog-core
      fog-json
    fog-serverlove (0.1.2)
      fog-core
      fog-json
    fog-softlayer (1.0.2)
      fog-core
      fog-json
    fog-storm_on_demand (0.1.1)
      fog-core
      fog-json
    fog-terremark (0.1.0)
      fog-core
      fog-xml
    fog-vmfusion (0.1.0)
      fission
      fog-core
    fog-voxel (0.1.0)
      fog-core
      fog-xml
    fog-xml (0.1.2)
      fog-core
      nokogiri (~> 1.5, >= 1.5.11)
    font-awesome-rails (4.5.0.1)
      railties (>= 3.2, < 5.1)
    formatador (0.2.5)
    globalid (0.3.6)
      activesupport (>= 4.1.0)
    grit (2.0.0)
      diff-lcs (>= 1.1.2)
      mime-types (>= 1.15)
    grub (0.0.7)
      bundler (~> 1.11.2)
    haml (4.0.7)
      tilt
    hashie (2.0.5)
    i18n (0.7.0)
    inflecto (0.0.2)
    interception (0.5)
    ipaddress (0.8.0)
    jbuilder (2.4.0)
      activesupport (>= 3.0.0, < 5.1)
      multi_json (~> 1.2)
    jquery-rails (4.1.1)
      rails-dom-testing (>= 1, < 3)
      railties (>= 4.2.0)
      thor (>= 0.14, < 2.0)
    jquery-ui-rails (5.0.5)
      railties (>= 3.2.16)
    json (1.8.3)
    jwt (1.5.2)
    kaminari (0.16.3)
      actionpack (>= 3.0.0)
      activesupport (>= 3.0.0)
    launchy (2.4.3)
      addressable (~> 2.3)
    libv8 (3.16.14.13)
    loofah (2.0.3)
      nokogiri (>= 1.5.9)
    mail (2.6.4)
      mime-types (>= 1.16, < 4)
    mailcatcher (0.6.3)
      activesupport (>= 4.0.0, < 5)
      eventmachine (= 1.0.9.1)
      mail (~> 2.3)
      sinatra (~> 1.2)
      skinny (~> 0.2.3)
      sqlite3 (~> 1.3)
      thin (~> 1.5.0)
    method_source (0.8.2)
    mime-types (3.0)
      mime-types-data (~> 3.2015)
    mime-types-data (3.2016.0221)
    mini_magick (3.7.0)
      subexec (~> 0.2.1)
    mini_portile2 (2.0.0)
    minitest (5.8.4)
    money (6.7.0)
      i18n (>= 0.6.4, <= 0.7.0)
      sixarm_ruby_unaccent (>= 1.1.1, < 2)
    multi_json (1.11.2)
    nested_form (0.3.2)
    net-ssh (3.0.2)
    nokogiri (1.6.7.2)
      mini_portile2 (~> 2.0.0.rc2)
    omniauth (1.3.1)
      hashie (>= 1.2, < 4)
      rack (>= 1.0, < 3)
    orm_adapter (0.5.0)
    paper_trail (4.0.2)
      activerecord (>= 3.0, < 6.0)
      activesupport (>= 3.0, < 6.0)
      request_store (~> 1.1)
    parser (2.3.0.2)
      ast (~> 2.2)
    pg (0.18.4)
    powerpack (0.1.1)
    pry (0.10.3)
      coderay (~> 1.1.0)
      method_source (~> 0.8.1)
      slop (~> 3.4)
    pry-doc (0.8.0)
      pry (~> 0.9)
      yard (~> 0.8)
    pry-git (0.2.3)
      diffy
      grit
      pry (>= 0.9.8)
    pry-rails (0.3.4)
      pry (>= 0.9.10)
    pry-remote (0.1.8)
      pry (~> 0.9)
      slop (~> 3.0)
    pry-rescue (1.4.2)
      interception (>= 0.5)
      pry
    pry-stack_explorer (0.4.9.2)
      binding_of_caller (>= 0.7)
      pry (>= 0.9.11)
    puma (2.15.3)
    pundit (1.1.0)
      activesupport (>= 3.0.0)
    quiet_assets (1.1.0)
      railties (>= 3.1, < 5.0)
    rack (1.6.4)
    rack-cors (0.4.0)
    rack-pjax (0.8.0)
      nokogiri (~> 1.5)
      rack (~> 1.1)
    rack-protection (1.5.3)
      rack
    rack-test (0.6.3)
      rack (>= 1.0)
    rails (4.2.5)
      actionmailer (= 4.2.5)
      actionpack (= 4.2.5)
      actionview (= 4.2.5)
      activejob (= 4.2.5)
      activemodel (= 4.2.5)
      activerecord (= 4.2.5)
      activesupport (= 4.2.5)
      bundler (>= 1.3.0, < 2.0)
      railties (= 4.2.5)
      sprockets-rails
    rails-deprecated_sanitizer (1.0.3)
      activesupport (>= 4.2.0.alpha)
    rails-dom-testing (1.0.7)
      activesupport (>= 4.2.0.beta, < 5.0)
      nokogiri (~> 1.6.0)
      rails-deprecated_sanitizer (>= 1.0.1)
    rails-html-sanitizer (1.0.3)
      loofah (~> 2.0)
    rails_layout (1.0.29)
    railties (4.2.5)
      actionpack (= 4.2.5)
      activesupport (= 4.2.5)
      rake (>= 0.8.7)
      thor (>= 0.18.1, < 2.0)
    rainbow (2.1.0)
    rake (10.5.0)
    rash (0.4.0)
      hashie (~> 2.0.0)
    rdoc (4.2.1)
      json (~> 1.4)
    redis (3.2.2)
    redis-actionpack (4.0.1)
      actionpack (~> 4)
      redis-rack (~> 1.5.0)
      redis-store (~> 1.1.0)
    redis-activesupport (4.1.5)
      activesupport (>= 3, < 5)
      redis-store (~> 1.1.0)
    redis-rack (1.5.0)
      rack (~> 1.5)
      redis-store (~> 1.1.0)
    redis-rails (4.0.0)
      redis-actionpack (~> 4)
      redis-activesupport (~> 4)
      redis-store (~> 1.1.0)
    redis-store (1.1.7)
      redis (>= 2.2)
    ref (2.0.0)
    remotipart (1.2.1)
    request_store (1.3.0)
    responders (2.1.1)
      railties (>= 4.2.0, < 5.1)
    rmagick (2.15.4)
    rspec-core (3.4.1)
      rspec-support (~> 3.4.0)
    rspec-expectations (3.4.0)
      diff-lcs (>= 1.2.0, < 2.0)
      rspec-support (~> 3.4.0)
    rspec-mocks (3.4.1)
      diff-lcs (>= 1.2.0, < 2.0)
      rspec-support (~> 3.4.0)
    rspec-rails (3.4.0)
      actionpack (>= 3.0, < 4.3)
      activesupport (>= 3.0, < 4.3)
      railties (>= 3.0, < 4.3)
      rspec-core (~> 3.4.0)
      rspec-expectations (~> 3.4.0)
      rspec-mocks (~> 3.4.0)
      rspec-support (~> 3.4.0)
    rspec-support (3.4.1)
    rubocop (0.36.0)
      parser (>= 2.3.0.0, < 3.0)
      powerpack (~> 0.1)
      rainbow (>= 1.99.1, < 3.0)
      ruby-progressbar (~> 1.7)
    ruby-progressbar (1.7.5)
    rubyzip (1.1.7)
    safe_yaml (1.0.4)
    sass (3.4.22)
    sass-rails (5.0.4)
      railties (>= 4.0.0, < 5.0)
      sass (~> 3.1)
      sprockets (>= 2.8, < 4.0)
      sprockets-rails (>= 2.0, < 4.0)
      tilt (>= 1.1, < 3)
    sdoc (0.4.1)
      json (~> 1.7, >= 1.7.7)
      rdoc (~> 4.0)
    seed_migration (1.1.0)
    selenium-webdriver (2.49.0)
      childprocess (~> 0.5)
      multi_json (~> 1.0)
      rubyzip (~> 1.0)
      websocket (~> 1.0)
    sidekiq (4.0.2)
      concurrent-ruby (~> 1.0)
      connection_pool (~> 2.2, >= 2.2.0)
      redis (~> 3.2, >= 3.2.1)
    sidekiq-status (0.6.0)
      sidekiq (>= 2.7)
    sinatra (1.4.7)
      rack (~> 1.5)
      rack-protection (~> 1.4)
      tilt (>= 1.3, < 3)
    sixarm_ruby_unaccent (1.1.1)
    skinny (0.2.4)
      eventmachine (~> 1.0.0)
      thin (>= 1.5, < 1.7)
    slop (3.6.0)
    sprockets (3.5.2)
      concurrent-ruby (~> 1.0)
      rack (> 1, < 3)
    sprockets-rails (3.0.4)
      actionpack (>= 4.0)
      activesupport (>= 4.0)
      sprockets (>= 3.0.0)
    sqlite3 (1.3.11)
    subexec (0.2.3)
    surus (0.6.2)
      activerecord (~> 4.0)
    therubyracer (0.12.2)
      libv8 (~> 3.16.14.0)
      ref
    thin (1.5.1)
      daemons (>= 1.0.9)
      eventmachine (>= 0.12.6)
      rack (>= 1.0.0)
    thor (0.19.1)
    thread_safe (0.3.5)
    tilt (2.0.2)
    tzinfo (1.2.2)
      thread_safe (~> 0.1)
    uglifier (2.7.2)
      execjs (>= 0.3.0)
      json (>= 1.8.0)
    warden (1.2.4)
      rack (>= 1.0)
    web-console (2.2.1)
      activemodel (>= 4.0)
      binding_of_caller (>= 0.7.2)
      railties (>= 4.0)
      sprockets-rails (>= 2.0, < 4.0)
    websocket (1.2.2)
    xpath (2.0.0)
      nokogiri (~> 1.3)
    yard (0.8.7.6)

PLATFORMS
  ruby

DEPENDENCIES
  active_record_union
  annotate!
  ar-uuid
  awesome_print
  better_errors
  bootstrap-sass
  bootstrap-wysihtml5-rails (> 0.3.1.24)
  byebug
  capybara
  carrierwave (~> 0.10.0)
  coffee-rails (~> 4.1.0)
  config
  currency_select!
  database_cleaner
  devise
  devise-async
  devise-doorkeeper
  devise-encryptable
  doorkeeper
  doorkeeper-jwt
  enumerize
  factory_girl_rails
  faker
  fog
  font-awesome-rails
  grub
  hashie
  jbuilder (~> 2.0)
  jquery-rails
  jwt
  launchy
  mailcatcher
  mini_magick (~> 3.7.0)
  net-ssh
  omniauth
  paper_trail (>= 4.0.0)
  pg (~> 0.15)
  pry-doc
  pry-git
  pry-rails
  pry-remote
  pry-rescue
  pry-stack_explorer
  puma
  pundit
  quiet_assets
  rack-cors
  rails (= 4.2.5)
  rails_admin!
  rails_admin_authorized_fields!
  rails_admin_has_many_nested!
  rails_layout
  rash
  redis
  redis-rails
  request_store
  rmagick
  rspec-rails
  rubocop
  rubyzip
  sass-rails (~> 5.0)
  sdoc (~> 0.4.0)
  seed_migration
  selenium-webdriver
  sidekiq
  sidekiq-status
  sinatra
  surus
  therubyracer
  therubyrhino
  uglifier (>= 1.3.0)
  web-console (~> 2.0)

BUNDLED WITH
   1.11.2
